GEM
  remote: http://rubygems.org/
  specs:
    bones (3.7.1)
      little-plugger (>= 1.1.2)
      loquacious (>= 1.8.1)
      rake (>= 0.8.7)
    directory_watcher (1.4.1)
    json (1.6.1)
    libxml-ruby (2.2.2)
    little-plugger (1.1.2)
    loquacious (1.8.1)
    rake (0.9.2)
    term-ansicolor (1.0.6)

PLATFORMS
  ruby

DEPENDENCIES
  bones
  directory_watcher
  json
  libxml-ruby (~> 2.2.2)
  term-ansicolor
