GEM
  remote: http://rubygems.org/
  specs:
    bones (3.8.0)
      little-plugger (~> 1.1.3)
      loquacious (~> 1.9.1)
      rake (>= 0.8.7)
    libxml-ruby (2.2.2)
    little-plugger (1.1.3)
    loquacious (1.9.1)
    rake (10.0.3)
    term-ansicolor (1.0.7)
    zucker (12.1)

PLATFORMS
  ruby

DEPENDENCIES
  bones
  libxml-ruby (~> 2.2.2)
  term-ansicolor
  zucker
