GEM
  remote: http://rubygems.org/
  specs:
    bones (3.8.4)
      little-plugger (~> 1.1)
      loquacious (~> 1.9)
      rake (~> 12.0)
      rdoc (~> 5.0)
    libxml-ruby (2.9.0)
    little-plugger (1.1.4)
    loquacious (1.9.1)
    rake (12.3.2)
    rdoc (5.1.0)
    refine (0.0.1)
    term-ansicolor (1.7.1)
      tins (~> 1.0)
    tins (1.20.2)
    zucker (100.2.0)
      refine (~> 0)

PLATFORMS
  ruby

DEPENDENCIES
  bones
  libxml-ruby (~> 2)
  term-ansicolor
  zucker

BUNDLED WITH
   1.16.2
