PATH
  remote: .
  specs:
    docbook_status (1.2.0)
      libxml-ruby (~> 2)
      sugar_refinery (~> 1)
      term-ansicolor (~> 1)

GEM
  remote: https://rubygems.org/
  specs:
    gem-release (1.0.0)
    libxml-ruby (2.9.0)
    minitest (5.11.3)
    rake (12.3.2)
    sugar_refinery (1.0.0)
    term-ansicolor (1.7.1)
      tins (~> 1.0)
    tins (1.20.2)

PLATFORMS
  ruby

DEPENDENCIES
  bundler (~> 1.16)
  docbook_status!
  gem-release (~> 1.0)
  minitest (~> 5.0)
  rake (~> 12)

BUNDLED WITH
   1.16.2
