GEM
  remote: http://rubygems.org/
  specs:
    directory_watcher (1.4.1)
    hoe (2.12.3)
      rake (~> 0.8)
    libxml-ruby (2.2.2)
    rake (0.9.2)

PLATFORMS
  ruby

DEPENDENCIES
  directory_watcher
  hoe
  libxml-ruby (~> 2.2.2)
